PATH
  remote: .
  specs:
    rack-weinre (0.0.1)

GEM
  remote: http://rubygems.org/
  specs:

PLATFORMS
  ruby

DEPENDENCIES
  rack-weinre!
